GIT
  remote: git://github.com/djak250/ruby-saml.git
  revision: 1561ca819a517575e6772410fbdf31bee5c304e0
  specs:
    ruby-saml (0.8.2)
      nokogiri (>= 1.5.0)
      uuid (~> 2.3)

PATH
  remote: .
  specs:
    omniauth-saml (1.1.3)
      omniauth (~> 1.1)

GEM
  remote: https://rubygems.org/
  specs:
    diff-lcs (1.2.4)
    hashie (2.0.5)
    macaddr (1.6.7)
      systemu (~> 2.6.2)
    mini_portile (0.5.2)
    multi_json (1.3.7)
    nokogiri (1.6.1)
      mini_portile (~> 0.5.0)
    omniauth (1.2.1)
      hashie (>= 1.2, < 3)
      rack (~> 1.0)
    rack (1.4.1)
    rack-test (0.6.2)
      rack (>= 1.0)
    rspec (2.14.1)
      rspec-core (~> 2.14.0)
      rspec-expectations (~> 2.14.0)
      rspec-mocks (~> 2.14.0)
    rspec-core (2.14.7)
    rspec-expectations (2.14.4)
      diff-lcs (>= 1.1.3, < 2.0)
    rspec-mocks (2.14.4)
    simplecov (0.7.1)
      multi_json (~> 1.0)
      simplecov-html (~> 0.7.1)
    simplecov-html (0.7.1)
    systemu (2.6.4)
    uuid (2.3.7)
      macaddr (~> 1.0)

PLATFORMS
  ruby

DEPENDENCIES
  omniauth-saml!
  rack-test (~> 0.6)
  rspec (~> 2.8)
  ruby-saml!
  simplecov (~> 0.6)
